GEM
  remote: https://rubygems.org/
  specs:
    addressable (2.8.1)
      public_suffix (>= 2.0.2, < 6.0)
    byebug (11.0.1)
    down (5.4.0)
      addressable (~> 2.8)
    fileutils (1.7.0)
    httparty (0.21.0)
      mini_mime (>= 1.0.0)
      multi_xml (>= 0.5.2)
    mini_mime (1.1.2)
    mini_portile2 (2.4.0)
    multi_xml (0.6.0)
    nokogiri (1.10.5)
      mini_portile2 (~> 2.4.0)
    public_suffix (5.0.1)

PLATFORMS
  ruby

DEPENDENCIES
  byebug
  down
  fileutils
  httparty
  nokogiri

BUNDLED WITH
   2.0.2
